GEM
  remote: https://rubygems.org/
  specs:
    coderay (1.1.3)
    image_magick (0.1.9)
    method_source (1.0.0)
    pkg-config (1.5.5)
    pry (0.14.2)
      coderay (~> 1.1)
      method_source (~> 1.0)
    rmagick (5.3.0)
      pkg-config (~> 1.4)

PLATFORMS
  x86_64-linux

DEPENDENCIES
  image_magick (~> 0.1.9)
  pry (~> 0.14.2)
  rmagick (= 5.3.0)

BUNDLED WITH
   2.2.3
